GEM
  remote: http://rubygems.org/
  specs:
    allocation_stats (0.1.5)
    ast (2.4.0)
    awesome_print (1.8.0)
    byebug (11.0.1)
    metaclass (0.0.4)
    minitest (5.11.3)
    mocha (1.5.0)
      metaclass (~> 0.0.1)
    parallel (1.12.1)
    parser (2.5.1.0)
      ast (~> 2.4.0)
    power_assert (1.1.1)
    powerpack (0.1.1)
    rainbow (3.0.0)
    rake (12.3.1)
    rdoc (6.0.3)
    rubocop (0.55.0)
      parallel (~> 1.10)
      parser (>= 2.5)
      powerpack (~> 0.1)
      rainbow (>= 2.2.2, < 4.0)
      ruby-progressbar (~> 1.7)
      unicode-display_width (~> 1.0, >= 1.0.1)
    ruby-progressbar (1.9.0)
    test-unit (3.2.7)
      power_assert
    unicode-display_width (1.3.2)

PLATFORMS
  ruby

DEPENDENCIES
  allocation_stats
  awesome_print
  byebug
  minitest
  mocha
  rake
  rdoc
  rubocop
  test-unit

BUNDLED WITH
   1.17.3
